GEM
  remote: https://rubygems.org/
  specs:
    haml (4.0.3)
      tilt
    rack (1.3.3)
    sass (3.2.9)
    sinatra (1.2.6)
      rack (~> 1.1)
      tilt (>= 1.2.2, < 2.0)
    tilt (1.3.3)

PLATFORMS
  ruby

DEPENDENCIES
  haml
  sass
  sinatra
